Brain Vision Data Exchange Header File Version 1.0
; Data created by the Vision Recorder

[Common Infos]
Codepage=UTF-8
DataFile=VVDKU_M01U_SC01_0001.eeg
MarkerFile=VVDKU_M01U_SC01_0001.vmrk
DataFormat=BINARY
; Data orientation: MULTIPLEXED=ch1,pt1, ch2,pt1 ...
DataOrientation=MULTIPLEXED
NumberOfChannels=16
; Sampling interval in microseconds
SamplingInterval=1000

[Binary Infos]
BinaryFormat=IEEE_FLOAT_32

[Channel Infos]
; Each entry: Ch<Channel number>=<Name>,<Reference channel name>,
; <Resolution in "Unit">,<Unit>, Future extensions..
; Fields are delimited by commas, some fields might be omitted (empty).
; Commas in channel names are coded as "\1".
Ch1=Fp1,,0.0488281,µV
Ch2=FP2,,0.0488281,µV
Ch3=F3,,0.0488281,µV
Ch4=F4,,0.0488281,µV
Ch5=C3,,0.0488281,µV
Ch6=C4,,0.0488281,µV
Ch7=P3,,0.0488281,µV
Ch8=P4,,0.0488281,µV
Ch9=O1,,0.0488281,µV
Ch10=O2,,0.0488281,µV
Ch11=F7,,0.0488281,µV
Ch12=F8,,0.0488281,µV
Ch13=T3,,0.0488281,µV
Ch14=Fz,,0.0488281,µV
Ch15=Cz,,0.0488281,µV
Ch16=Pz,,0.0488281,µV

[Comment]

A m p l i f i e r  S e t u p
============================
Number of channels: 16
Sampling Rate [Hz]: 1000
Sampling Interval [µS]: 1000

Channels
--------
#     Name      Phys. Chn.    Resolution / Unit   Low Cutoff [s]   High Cutoff [Hz]   Notch [Hz]    Gradient         Offset
1     Fp1         1          0.0488281 µV             DC                0              Off
2     FP2         2          0.0488281 µV             DC                0              Off
3     F3          3          0.0488281 µV             DC                0              Off
4     F4          4          0.0488281 µV             DC                0              Off
5     C3          5          0.0488281 µV             DC                0              Off
6     C4          6          0.0488281 µV             DC                0              Off
7     P3          7          0.0488281 µV             DC                0              Off
8     P4          8          0.0488281 µV             DC                0              Off
9     O1          9          0.0488281 µV             DC                0              Off
10    O2          10         0.0488281 µV             DC                0              Off
11    F7          11         0.0488281 µV             DC                0              Off
12    F8          12         0.0488281 µV             DC                0              Off
13    T3          13         0.0488281 µV             DC                0              Off
14    Fz          14         0.0488281 µV             DC                0              Off
15    Cz          15         0.0488281 µV             DC                0              Off
16    Pz          16         0.0488281 µV             DC                0              Off

S o f t w a r e  F i l t e r s
==============================
Disabled


Data / Ref / Gnd Electrodes Selected Impedance Measurement Range: 0 - 2 kOhm
Impedance [kOhm] at 19:43:39 :
Fp1:          0
FP2:          0
F3:           0
F4:           0
C3:           0
C4:           0
P3:           0
P4:           0
O1:           0
O2:           1
F7:           0
F8:           0
T3:           0
Fz:           0
Cz:           0
Pz:           0
Ref:          0
Gnd:          1
