Brain Vision Data Exchange Header File Version 1.0
; Data created by the Vision Recorder

[Common Infos]
Codepage=UTF-8
DataFile=rab.eeg
MarkerFile=rab.vmrk
DataFormat=BINARY
; Data orientation: MULTIPLEXED=ch1,pt1, ch2,pt1 ...
DataOrientation=MULTIPLEXED
NumberOfChannels=21
; Sampling interval in microseconds
SamplingInterval=1000

[Binary Infos]
BinaryFormat=INT_16

[Channel Infos]
; Each entry: Ch<Channel number>=<Name>,<Reference channel name>,
; <Resolution in "Unit">,<Unit>, Future extensions..
; Fields are delimited by commas, some fields might be omitted (empty).
; Commas in channel names are coded as "\1".
Ch1=Fp1,,0.1,µV
Ch2=Fp2,,0.1,µV
Ch3=F3,,0.1,µV
Ch4=F4,,0.1,µV
Ch5=C3,,0.1,µV
Ch6=C4,,0.1,µV
Ch7=P3,,0.1,µV
Ch8=P4,,0.1,µV
Ch9=O1,,0.1,µV
Ch10=O2,,0.1,µV
Ch11=F7,,0.1,µV
Ch12=F8,,0.1,µV
Ch13=T7,,0.1,µV
Ch14=T8,,0.1,µV
Ch15=P7,,0.1,µV
Ch16=P8,,0.1,µV
Ch17=Fz,,0.1,µV
Ch18=Pz,,0.1,µV
Ch19=Cz,,0.1,µV
Ch20=M1,,0.1,µV
Ch21=M2,,0.1,µV

[Comment]

A m p l i f i e r  S e t u p
============================
Number of channels: 21
Sampling Rate [Hz]: 1000
Sampling Interval [µS]: 1000

Channels
--------
#     Name      Phys. Chn.    Resolution / Unit   Low Cutoff [s]   High Cutoff [Hz]   Notch [Hz]
1     Fp1         1                0.1 µV             10             1000              Off
2     Fp2         2                0.1 µV             10             1000              Off
3     F3          3                0.1 µV             10             1000              Off
4     F4          4                0.1 µV             10             1000              Off
5     C3          5                0.1 µV             10             1000              Off
6     C4          6                0.1 µV             10             1000              Off
7     P3          7                0.1 µV             10             1000              Off
8     P4          8                0.1 µV             10             1000              Off
9     O1          9                0.1 µV             10             1000              Off
10    O2          10               0.1 µV             10             1000              Off
11    F7          11               0.1 µV             10             1000              Off
12    F8          12               0.1 µV             10             1000              Off
13    T7          13               0.1 µV             10             1000              Off
14    T8          14               0.1 µV             10             1000              Off
15    P7          15               0.1 µV             10             1000              Off
16    P8          16               0.1 µV             10             1000              Off
17    Fz          17               0.1 µV             10             1000              Off
18    Pz          18               0.1 µV             10             1000              Off
19    Cz          19               0.1 µV             10             1000              Off
20    M1          20               0.1 µV             10             1000              Off
21    M2          21               0.1 µV             10             1000              Off

S o f t w a r e  F i l t e r s
==============================
#     Low Cutoff [s]   High Cutoff [Hz]   Notch [Hz]
1      Off              Off                Off
2      Off              Off                Off
3      Off              Off                Off
4      Off              Off                Off
5      Off              Off                Off
6      Off              Off                Off
7      Off              Off                Off
8      Off              Off                Off
9      Off              Off                Off
10     Off              Off                Off
11     Off              Off                Off
12     Off              Off                Off
13     Off              Off                Off
14     Off              Off                Off
15     Off              Off                Off
16     Off              Off                Off
17     Off              Off                Off
18     Off              Off                Off
19     Off              Off                Off
20     Off              Off                Off
21     Off              Off                Off


Impedance [kOhm] at 09:41:10 :
Fp1:          1
Fp2:          0
F3:           1
F4:           1
C3:           0
C4:           1
P3:           0
P4:           0
O1:           1
O2:           0
F7:           1
F8:           1
T7:           2
T8:           0
P7:           0
P8:           0
Fz:           0
Pz:           0
Cz:           0
M1:       Out of Range!
M2:       Out of Range!
Ref:          1
Gnd:          1
